GEM
  remote: https://rubygems.org/
  specs:
    activesupport (5.1.0)
      concurrent-ruby (~> 1.0, >= 1.0.2)
      i18n (~> 0.7)
      minitest (~> 5.1)
      tzinfo (~> 1.1)
    concurrent-ruby (1.0.5)
    i18n (0.8.1)
    minitest (5.4.0)
    minitest-color (0.0.2)
      minitest (~> 5)
    minitest-focus (1.1.2)
      minitest (>= 4, < 6)
    thread_safe (0.3.6)
    tzinfo (1.2.3)
      thread_safe (~> 0.1)

PLATFORMS
  ruby

DEPENDENCIES
  activesupport (~> 5.1.0)
  minitest (~> 5.4)
  minitest-color (~> 0.0.2)
  minitest-focus (~> 1.1.2)

BUNDLED WITH
   1.14.6
